GEM
  remote: https://rubygems.org/
  specs:
    addressable (2.5.0)
      public_suffix (~> 2.0, >= 2.0.2)
    colorize (0.8.1)
    configatron (4.5.0)
    faraday (0.11.0)
      multipart-post (>= 1.2, < 3)
    github-markup (1.4.1)
    json (1.8.6)
    multipart-post (2.0.0)
    octokit (4.6.2)
      sawyer (~> 0.8.0, >= 0.5.3)
    public_suffix (2.0.5)
    redcarpet (3.3.4)
    releasinator (0.6.4)
      colorize (~> 0.7)
      configatron (~> 4.5)
      json (~> 1.8)
      octokit (~> 4.0)
      semantic (~> 1.4)
      vandamme (~> 0.0.11)
    sawyer (0.8.1)
      addressable (>= 2.3.5, < 2.6)
      faraday (~> 0.8, < 1.0)
    semantic (1.6.0)
    vandamme (0.0.11)
      github-markup (~> 1.3)
      redcarpet (~> 3.3.2)

PLATFORMS
  ruby

DEPENDENCIES
  releasinator (~> 0.6)

BUNDLED WITH
   1.14.4
